PATH
  remote: .
  specs:
    gsd (1.0.0)
      net-ping (~> 1.7.7)
      thor (~> 0.19.1)

GEM
  remote: https://rubygems.org/
  specs:
    json (1.8.2)
    minitest (5.5.1)
    net-ping (1.7.7)
    thor (0.19.1)
    travis-lint (2.0.0)
      json

PLATFORMS
  ruby

DEPENDENCIES
  bundler (~> 1.8.4)
  gsd!
  minitest (~> 5.5.1)
  travis-lint (~> 2.0.0)
