PATH
  remote: .
  specs:
    get_server_data (1.0.0)
      net-ping (~> 1.7)
      table_print (~> 1.5)
      thor (~> 0.19)

GEM
  remote: https://rubygems.org/
  specs:
    coveralls (0.8.22)
      json (>= 1.8, < 3)
      simplecov (~> 0.16.1)
      term-ansicolor (~> 1.3)
      thor (~> 0.19.4)
      tins (~> 1.6)
    docile (1.3.1)
    json (2.3.1)
    minitest (5.11.3)
    net-ping (1.7.8)
    rake (10.5.0)
    simplecov (0.16.1)
      docile (~> 1.1)
      json (>= 1.8, < 3)
      simplecov-html (~> 0.10.0)
    simplecov-html (0.10.2)
    table_print (1.5.6)
    term-ansicolor (1.7.0)
      tins (~> 1.0)
    thor (0.19.4)
    tins (1.20.2)
    travis-lint (2.0.0)
      json
    yard (0.9.20)

PLATFORMS
  ruby

DEPENDENCIES
  bundler (~> 1.10)
  coveralls (~> 0.8)
  get_server_data!
  minitest (~> 5.5)
  rake (~> 10.4)
  travis-lint (~> 2.0)
  yard (~> 0.9.11)

BUNDLED WITH
   1.16.1
