PATH
  remote: .
  specs:
    gsd (1.0.0)
      net-ping (~> 1.7.7)
      thor (~> 0.19.1)

GEM
  remote: https://rubygems.org/
  specs:
    coveralls (0.7.11)
      multi_json (~> 1.10)
      rest-client (>= 1.6.8, < 2)
      simplecov (~> 0.9.1)
      term-ansicolor (~> 1.3)
      thor (~> 0.19.1)
    docile (1.1.5)
    json (1.8.2)
    mime-types (2.4.3)
    minitest (5.5.1)
    multi_json (1.11.0)
    net-ping (1.7.7)
    netrc (0.10.3)
    rest-client (1.7.3)
      mime-types (>= 1.16, < 3.0)
      netrc (~> 0.7)
    simplecov (0.9.2)
      docile (~> 1.1.0)
      multi_json (~> 1.0)
      simplecov-html (~> 0.9.0)
    simplecov-html (0.9.0)
    term-ansicolor (1.3.0)
      tins (~> 1.0)
    thor (0.19.1)
    tins (1.3.5)
    travis-lint (2.0.0)
      json

PLATFORMS
  ruby

DEPENDENCIES
  bundler (~> 1.8.4)
  coveralls
  gsd!
  minitest (~> 5.5.1)
  travis-lint (~> 2.0.0)
